GEM
  remote: http://rubygems.org/
  specs:
    ZenTest (4.6.2)
    actionmailer (3.1.0.rc6)
      actionpack (= 3.1.0.rc6)
      mail (~> 2.3.0)
    actionpack (3.1.0.rc6)
      activemodel (= 3.1.0.rc6)
      activesupport (= 3.1.0.rc6)
      builder (~> 3.0.0)
      erubis (~> 2.7.0)
      i18n (~> 0.6)
      rack (~> 1.3.2)
      rack-cache (~> 1.0.2)
      rack-mount (~> 0.8.1)
      rack-test (~> 0.6.0)
      sprockets (~> 2.0.0.beta.12)
    activemodel (3.1.0.rc6)
      activesupport (= 3.1.0.rc6)
      bcrypt-ruby (~> 2.1.4)
      builder (~> 3.0.0)
      i18n (~> 0.6)
    activerecord (3.1.0.rc6)
      activemodel (= 3.1.0.rc6)
      activesupport (= 3.1.0.rc6)
      arel (~> 2.2.1)
      tzinfo (~> 0.3.29)
    activeresource (3.1.0.rc6)
      activemodel (= 3.1.0.rc6)
      activesupport (= 3.1.0.rc6)
    activesupport (3.1.0.rc6)
      multi_json (~> 1.0)
    arel (2.2.1)
    autotest (4.4.6)
      ZenTest (>= 4.4.1)
    autotest-rails (4.1.0)
      ZenTest
    bcrypt-ruby (2.1.4)
    builder (3.0.0)
    cocaine (0.2.0)
    coffee-rails (3.1.0.rc.7)
      coffee-script (>= 2.2.0)
      railties (~> 3.1.0.rc1)
    coffee-script (2.2.0)
      coffee-script-source
      execjs
    coffee-script-source (1.1.2)
    configatron (2.8.2)
      yamler (>= 0.1.0)
    cover_me (1.1.2)
      configatron
      hashie
    diff-lcs (1.1.3)
    erubis (2.7.0)
    execjs (1.2.4)
      multi_json (~> 1.0)
    hashie (1.1.0)
    hike (1.2.1)
    i18n (0.6.0)
    jquery-rails (1.0.13)
      railties (~> 3.0)
      thor (~> 0.14)
    kaminari (0.12.4)
      rails (>= 3.0.0)
    mail (2.3.0)
      i18n (>= 0.4.0)
      mime-types (~> 1.16)
      treetop (~> 1.4.8)
    mime-types (1.16)
    multi_json (1.0.3)
    mysql2 (0.3.7)
    paperclip (2.3.16)
      activerecord (>= 2.3.0)
      activesupport (>= 2.3.2)
      cocaine (>= 0.0.2)
      mime-types
    polyglot (0.3.2)
    rack (1.3.2)
    rack-cache (1.0.3)
      rack (>= 0.4)
    rack-mount (0.8.2)
      rack (>= 1.0.0)
    rack-ssl (1.3.2)
      rack
    rack-test (0.6.1)
      rack (>= 1.0)
    rails (3.1.0.rc6)
      actionmailer (= 3.1.0.rc6)
      actionpack (= 3.1.0.rc6)
      activerecord (= 3.1.0.rc6)
      activeresource (= 3.1.0.rc6)
      activesupport (= 3.1.0.rc6)
      bundler (~> 1.0)
      railties (= 3.1.0.rc6)
    railties (3.1.0.rc6)
      actionpack (= 3.1.0.rc6)
      activesupport (= 3.1.0.rc6)
      rack-ssl (~> 1.3.2)
      rake (>= 0.8.7)
      rdoc (~> 3.4)
      thor (~> 0.14.6)
    rake (0.9.2)
    rdoc (3.9.4)
    rspec (2.6.0)
      rspec-core (~> 2.6.0)
      rspec-expectations (~> 2.6.0)
      rspec-mocks (~> 2.6.0)
    rspec-core (2.6.4)
    rspec-expectations (2.6.0)
      diff-lcs (~> 1.1.2)
    rspec-mocks (2.6.0)
    rspec-rails (2.6.1)
      actionpack (~> 3.0)
      activesupport (~> 3.0)
      railties (~> 3.0)
      rspec (~> 2.6.0)
    sass (3.1.7)
    sass-rails (3.1.0.rc.7)
      actionpack (~> 3.1.0.rc6)
      railties (~> 3.1.0.rc6)
      sass (>= 3.1.4)
    sprockets (2.0.0)
      hike (~> 1.2)
      rack (~> 1.0)
      tilt (!= 1.3.0, ~> 1.1)
    thor (0.14.6)
    tilt (1.3.3)
    treetop (1.4.10)
      polyglot
      polyglot (>= 0.3.1)
    tzinfo (0.3.29)
    uglifier (1.0.2)
      execjs (>= 0.3.0)
      multi_json (>= 1.0.2)
    yamler (0.1.0)

PLATFORMS
  ruby

DEPENDENCIES
  autotest
  autotest-rails
  coffee-rails (~> 3.1.0.rc)
  cover_me (>= 1.0.0.rc6)
  jquery-rails
  kaminari
  mysql2
  paperclip (~> 2.3)
  rails (= 3.1.0.rc6)
  rspec
  rspec-rails
  sass-rails (~> 3.1.0.rc)
  uglifier
